GIT
  remote: https://github.com/opal/opal
  revision: f511cb423fe32f40f33846dc514bb57e53356559
  specs:
    opal (0.3.31)

GIT
  remote: https://github.com/opal/opal-jquery
  revision: 9466ab5ddca06ce3948a9ff21cdccc0b0a7880da
  specs:
    opal-jquery (0.0.2)

GEM
  remote: http://rubygems.org/
  specs:

PLATFORMS
  ruby

DEPENDENCIES
  opal!
  opal-jquery!
